GEM
  remote: https://rubygems.org/
  specs:
    activesupport (4.1.1)
      i18n (~> 0.6, >= 0.6.9)
      json (~> 1.7, >= 1.7.7)
      minitest (~> 5.1)
      thread_safe (~> 0.1)
      tzinfo (~> 1.1)
    ast (2.0.0)
    coderay (1.1.0)
    i18n (0.6.9)
    json (1.8.1)
    method_source (0.8.2)
    minitest (5.3.4)
    parser (2.1.9)
      ast (>= 1.1, < 3.0)
      slop (~> 3.4, >= 3.4.5)
    powerpack (0.0.9)
    pry (0.9.12.6)
      coderay (~> 1.0)
      method_source (~> 0.8)
      slop (~> 3.4)
    rainbow (2.0.0)
    rubocop (0.22.0)
      json (>= 1.7.7, < 2)
      parser (~> 2.1.9)
      powerpack (~> 0.0.6)
      rainbow (>= 1.99.1, < 3.0)
      ruby-progressbar (~> 1.4)
    ruby-progressbar (1.5.1)
    sass (3.3.7)
    scss-lint (0.24.1)
      rainbow (~> 2.0)
      sass (~> 3.3.0)
    slop (3.5.0)
    thread_safe (0.3.4)
    tzinfo (1.2.0)
      thread_safe (~> 0.1)

PLATFORMS
  ruby

DEPENDENCIES
  activesupport
  pry
  rubocop
  scss-lint
